GIT
  remote: git://github.com/hrysd/lingman.git
  revision: 9fa4f68191f9deffd7e2815863b051d5f5453d89
  specs:
    lingman (0.0.3)

GEM
  remote: http://rubygems.org/
  specs:
    active_support (3.0.0)
      activesupport (= 3.0.0)
    activesupport (3.0.0)
    addressable (2.3.2)
    clockwork (0.4.1)
      tzinfo
    excon (0.16.10)
    heroku (2.33.5)
      heroku-api (~> 0.3.7)
      launchy (>= 0.3.2)
      netrc (~> 0.7.7)
      rest-client (~> 1.6.1)
      rubyzip
    heroku-api (0.3.7)
      excon (~> 0.16.10)
    launchy (2.1.2)
      addressable (~> 2.3)
    mime-types (1.19)
    netrc (0.7.7)
    rest-client (1.6.7)
      mime-types (>= 1.16)
    rubyzip (0.9.9)
    tzinfo (0.3.35)

PLATFORMS
  ruby

DEPENDENCIES
  active_support
  clockwork
  heroku
  lingman!
